GEM
  remote: https://rubygems.org/
  specs:
    RedCloth (4.2.2)
    actionmailer (2.3.15)
      actionpack (= 2.3.15)
    actionpack (2.3.15)
      activesupport (= 2.3.15)
      rack (~> 1.1.3)
    activerecord (2.3.15)
      activesupport (= 2.3.15)
    activeresource (2.3.15)
      activesupport (= 2.3.15)
    activesupport (2.3.15)
    builder (2.1.2)
    capybara (1.1.1)
      mime-types (>= 1.16)
      nokogiri (>= 1.3.3)
      rack (>= 1.0.0)
      rack-test (>= 0.5.4)
      selenium-webdriver (~> 2.0)
      xpath (~> 0.1.4)
    cgi_multipart_eof_fix (2.5.0)
    childprocess (0.5.3)
      ffi (~> 1.0, >= 1.0.11)
    cmdparse (2.0.2)
    cucumber (1.1.0)
      builder (>= 2.1.2)
      diff-lcs (>= 1.1.2)
      gherkin (~> 2.5.0)
      json (>= 1.4.6)
      term-ansicolor (>= 1.0.6)
    cucumber-rails (0.3.2)
      cucumber (>= 0.8.0)
    daemons (1.0.10)
    dalli (2.7.2)
    database_cleaner (1.3.0)
    diff-lcs (1.2.5)
    domain_name (0.5.23)
      unf (>= 0.0.5, < 1.0.0)
    eventmachine (0.12.10)
    exception_notification (1.0.20090728)
    fastthread (1.0.7)
    ffi (1.9.3)
    gem_plugin (0.2.3)
    gettext (2.1.0)
      locale (>= 2.0.5)
    gettext_activerecord (2.1.0)
      activerecord (>= 2.3.2)
      gettext (>= 2.1.0)
    gettext_rails (2.1.0)
      gettext_activerecord (>= 2.1.0)
      locale_rails (>= 2.0.5)
      rails (>= 2.3.2)
    gherkin (2.5.4)
      json (>= 1.4.6)
    hpricot (0.8.2)
    http-cookie (1.0.2)
      domain_name (~> 0.5)
    i18n (0.6.9)
    json (1.8.1)
    kgio (2.9.2)
    locale (2.0.9)
    locale_rails (2.0.5)
      locale (>= 2.0.5)
    log4r (1.0.6)
    mechanize (2.7.2)
      domain_name (~> 0.5, >= 0.5.1)
      http-cookie (~> 1.0.0)
      mime-types (~> 1.17, >= 1.17.2)
      net-http-digest_auth (~> 1.1, >= 1.1.1)
      net-http-persistent (~> 2.5, >= 2.5.2)
      nokogiri (~> 1.4)
      ntlm-http (~> 0.1, >= 0.1.1)
      webrobots (>= 0.0.9, < 0.2)
    memcache-client (1.8.5)
    mime-types (1.25.1)
    mmap (0.2.6)
    mocha (0.9.8)
      rake
    mongrel (1.1.5)
      cgi_multipart_eof_fix (>= 2.4)
      daemons (>= 1.0.3)
      fastthread (>= 1.0.1)
      gem_plugin (>= 0.2.3)
    mongrel_cluster (1.0.5)
      gem_plugin (>= 0.2.3)
      mongrel (>= 1.0.2)
    multi_json (1.10.1)
    net-http-digest_auth (1.4)
    net-http-persistent (2.9.4)
    newrelic_rpm (3.9.9.275)
    nokogiri (1.4.7)
    ntlm-http (0.1.1)
    pg (0.17.1)
    php-serialize (1.1.0)
    progressbar (0.21.0)
    rack (1.1.6)
    rack-cache (1.2)
      rack (>= 0.4)
    rack-test (0.6.2)
      rack (>= 1.0)
    rails (2.3.15)
      actionmailer (= 2.3.15)
      actionpack (= 2.3.15)
      activerecord (= 2.3.15)
      activeresource (= 2.3.15)
      activesupport (= 2.3.15)
      rake (>= 0.8.3)
    raindrops (0.13.0)
    rake (0.8.7)
    rcov (1.0.0)
    rdoc (4.1.1)
      json (~> 1.4)
    rest-client (1.6.0)
      mime-types (>= 1.16)
    rmagick (2.13.1)
    rspec (1.2.9)
    rspec-rails (1.2.9)
      rack (>= 1.0.0)
      rspec (>= 1.2.9)
    ruby-breakpoint (0.5.1)
    ruby-feedparser (0.7)
    rubyzip (0.9.9)
    sass (3.3.8)
    selenium-webdriver (2.35.1)
      childprocess (>= 0.2.5)
      multi_json (~> 1.0)
      rubyzip (< 1.0.0)
      websocket (~> 1.0.4)
    sqlite3-ruby (1.2.4)
    system_timer (1.2.4)
    term-ansicolor (1.3.0)
      tins (~> 1.0)
    thin (1.2.4)
      daemons (>= 1.0.9)
      eventmachine (>= 0.12.6)
      rack (>= 1.0.0)
    tidy (1.1.2)
    tins (1.3.0)
    unf (0.1.4)
      unf_ext
    unf_ext (0.0.6)
    unicorn (4.8.3)
      kgio (~> 2.6)
      rack
      raindrops (~> 0.7)
    unicorn-worker-killer (0.4.2)
      unicorn (~> 4)
    webrobots (0.1.1)
    websocket (1.0.7)
    will_paginate (2.3.12)
    xpath (0.1.4)
      nokogiri (~> 1.3)

PLATFORMS
  ruby

DEPENDENCIES
  RedCloth (= 4.2.2)
  builder (= 2.1.2)
  capybara (= 1.1.1)
  cmdparse (= 2.0.2)
  cucumber (= 1.1.0)
  cucumber-rails (= 0.3.2)
  daemons (= 1.0.10)
  dalli
  database_cleaner
  eventmachine (= 0.12.10)
  exception_notification (= 1.0.20090728)
  gem_plugin (= 0.2.3)
  gettext (= 2.1.0)
  gettext_rails (= 2.1.0)
  hpricot (= 0.8.2)
  i18n
  locale (= 2.0.9)
  log4r (= 1.0.6)
  mechanize
  memcache-client
  mime-types (< 2.0)
  mmap (= 0.2.6)
  mocha (= 0.9.8)
  mongrel (= 1.1.5)
  mongrel_cluster (= 1.0.5)
  newrelic_rpm
  nokogiri (= 1.4.7)
  pg
  php-serialize
  progressbar
  rack-cache
  rails (= 2.3.15)
  rake (= 0.8.7)
  rcov
  rdoc
  rest-client (= 1.6.0)
  rmagick (= 2.13.1)
  rspec (= 1.2.9)
  rspec-rails (= 1.2.9)
  ruby-breakpoint (= 0.5.1)
  ruby-feedparser (= 0.7)
  rubyzip (< 1.0.0)
  sass
  sqlite3-ruby (= 1.2.4)
  system_timer
  thin (= 1.2.4)
  tidy
  unicorn
  unicorn-worker-killer
  will_paginate (= 2.3.12)
